NUGET
  remote: https://www.nuget.org/api/v2
  specs:
    MvvmLight (3.1.1)

GROUP Build
NUGET
  remote: https://www.nuget.org/api/v2
  specs:
    FAKE (4.17.1)
    LibZ.Tool (1.2.0)
