NUGET
  remote: https://www.nuget.org/api/v2
  specs:
    MvvmLight (3.1.1)
